GEM
  remote: https://rubygems.org/
  specs:
    chunky_png (1.2.6)
    compass (0.12.2)
      chunky_png (~> 1.2)
      fssm (>= 0.2.7)
      sass (~> 3.1)
    compass-normalize (1.4.1)
      compass (>= 0.11.5)
    daemons (1.1.9)
    eventmachine (1.0.0)
    fssm (0.2.9)
    haml (3.1.7)
    rack (1.4.1)
    rack-protection (1.2.0)
      rack
    rake (10.0.2)
    sass (3.2.3)
    sinatra (1.3.3)
      rack (~> 1.3, >= 1.3.6)
      rack-protection (~> 1.2)
      tilt (~> 1.3, >= 1.3.3)
    susy (1.0.5)
      compass (>= 0.12.2)
      sass (>= 3.2.0)
    thin (1.5.0)
      daemons (>= 1.0.9)
      eventmachine (>= 0.12.6)
      rack (>= 1.0.0)
    tilt (1.3.3)

PLATFORMS
  ruby

DEPENDENCIES
  compass (~> 0.12.2)
  compass-normalize (~> 1.4.1)
  haml (~> 3.1.7)
  rake
  sass (~> 3.2.3)
  sinatra (~> 1.3.3)
  susy (~> 1.0.5)
  thin (~> 1.5.0)
